GIT
  remote: https://github.com/livingsocial/rake-pipeline.git
  revision: 3914452278165b7eb3a79071d3b63b46fee59a2f
  specs:
    rake-pipeline (0.6.0)
      json
      rake (~> 0.9.0)
      thor

GIT
  remote: https://github.com/wycats/rake-pipeline-web-filters.git
  revision: 1e8aede170297ad08b364b07955b43355718df19
  specs:
    rake-pipeline-web-filters (0.6.0)
      rack
      rake-pipeline (~> 0.6)

GEM
  remote: http://rubygems.org/
  specs:
    POpen4 (0.1.4)
      Platform (>= 0.4.0)
      open4
    Platform (0.4.0)
    colored (1.2)
    commonjs (0.2.6)
    execjs (1.2.13)
      multi_json (~> 1.0)
    jshintrb (0.2.1)
      execjs
      multi_json (>= 1.3)
      rake
    json (1.7.5)
    less (2.2.2)
      commonjs (~> 0.2.6)
    libv8 (3.3.10.4)
    multi_json (1.3.6)
    open4 (1.3.0)
    rack (1.4.1)
    rake (0.9.2.2)
    therubyracer (0.10.2)
      libv8 (~> 3.3.10)
    thor (0.16.0)
    uglifier (1.2.7)
      execjs (>= 0.3.0)
      multi_json (~> 1.3)
    yui-compressor (0.9.6)
      POpen4 (>= 0.1.4)

PLATFORMS
  ruby

DEPENDENCIES
  colored
  execjs (~> 1.2.6)
  jshintrb
  less
  rack
  rake-pipeline!
  rake-pipeline-web-filters!
  therubyracer
  uglifier (~> 1.2.3)
  yui-compressor
